GEM
  remote: https://rubygems.org/
  specs:
    eventmachine (1.2.1)
    json (1.8.3)
    net-http-persistent (2.9.4)
    pubnub (3.6.10)
      eventmachine (~> 1.0)
      json (~> 1.8)
      net-http-persistent (~> 2.9)

PLATFORMS
  ruby

DEPENDENCIES
  pubnub (~> 3.6.0)

BUNDLED WITH
   1.13.6
